GIT
  remote: git://github.com/LBRapid/guides.git
  revision: 5c6ec73807409761135e1951cff7b39f3864bed7
  specs:
    guides (0.6.10)
      RedCloth (~> 4.2.7)
      actionpack (~> 3.1.0)
      activesupport (~> 3.1.0)
      maruku (~> 0.6.0)
      rack (~> 1.3.3)
      thin (~> 1.2.7)
      thor (~> 0.14.6)

GEM
  remote: http://rubygems.org/
  specs:
    RedCloth (4.2.9)
    actionpack (3.1.12)
      activemodel (= 3.1.12)
      activesupport (= 3.1.12)
      builder (~> 3.0.0)
      erubis (~> 2.7.0)
      i18n (~> 0.6)
      rack (~> 1.3.6)
      rack-cache (~> 1.2)
      rack-mount (~> 0.8.2)
      rack-test (~> 0.6.1)
      sprockets (~> 2.0.4)
    activemodel (3.1.12)
      activesupport (= 3.1.12)
      builder (~> 3.0.0)
      i18n (~> 0.6)
    activesupport (3.1.12)
      multi_json (~> 1.0)
    builder (3.0.4)
    capistrano (2.8.0)
      highline
      net-scp (>= 1.0.0)
      net-sftp (>= 2.0.0)
      net-ssh (>= 2.0.14)
      net-ssh-gateway (>= 1.1.0)
    concurrent-ruby (1.1.6)
    daemons (1.3.1)
    erubis (2.7.0)
    eventmachine (1.2.7)
    highline (1.6.2)
    hike (1.2.3)
    i18n (0.9.5)
      concurrent-ruby (~> 1.0)
    maruku (0.6.1)
      syntax (>= 1.0.0)
    multi_json (1.14.1)
    net-scp (1.0.4)
      net-ssh (>= 1.99.1)
    net-sftp (2.0.5)
      net-ssh (>= 2.0.9)
    net-ssh (2.2.1)
    net-ssh-gateway (1.1.0)
      net-ssh (>= 1.99.1)
    rack (1.3.10)
    rack-cache (1.11.1)
      rack (>= 0.4)
    rack-mount (0.8.3)
      rack (>= 1.0.0)
    rack-test (0.6.3)
      rack (>= 1.0)
    sprockets (2.0.5)
      hike (~> 1.2)
      rack (~> 1.0)
      tilt (~> 1.1, != 1.3.0)
    syntax (1.2.2)
    thin (1.2.11)
      daemons (>= 1.0.9)
      eventmachine (>= 0.12.6)
      rack (>= 1.0.0)
    thor (0.14.6)
    tilt (1.4.1)

PLATFORMS
  ruby

DEPENDENCIES
  capistrano
  guides!

BUNDLED WITH
   1.17.3
